GEM
  remote: https://rubygems.org/
  specs:
    appium_lib (11.0.0)
    rspec (3.12.0)

PLATFORMS
  ruby

DEPENDENCIES
  appium_lib
  rspec
